GIT
  remote: https://cf91ac52033be9b3a1d81b413955d22ab80c45e8:x-oauth-basic@github.com/MobilityLabs/pdr-client.git
  revision: 92137fa78557aca97e86a6856a2635e83a3cdf2d
  specs:
    pdr_client (1.0.0)
      angular-rails-templates
      bootstrap-sass
      font-awesome-rails
      haml
      jquery-rails
      rails-assets
      rails-assets-angular
      rails-assets-angular-resource
      rails-assets-angular-route
      rails-assets-angular-sanitize
      rails-assets-angular-ui-router
      rails-assets-angular-ui-select2
      rails-assets-bootstrap3-datetimepicker
      rails-assets-moment
      rails-assets-select2
      rails-assets-select2-bootstrap-css
      rails-assets-underscore
      sass-rails
      uglifier (>= 1.3.0)

GEM
  remote: https://rubygems.org/
  remote: https://rails-assets.org/
  specs:
    actionmailer (4.0.4)
      actionpack (= 4.0.4)
      mail (~> 2.5.4)
    actionpack (4.0.4)
      activesupport (= 4.0.4)
      builder (~> 3.1.0)
      erubis (~> 2.7.0)
      rack (~> 1.5.2)
      rack-test (~> 0.6.2)
    activemodel (4.0.4)
      activesupport (= 4.0.4)
      builder (~> 3.1.0)
    activerecord (4.0.4)
      activemodel (= 4.0.4)
      activerecord-deprecated_finders (~> 1.0.2)
      activesupport (= 4.0.4)
      arel (~> 4.0.0)
    activerecord-deprecated_finders (1.0.3)
    activesupport (4.0.4)
      i18n (~> 0.6, >= 0.6.9)
      minitest (~> 4.2)
      multi_json (~> 1.3)
      thread_safe (~> 0.1)
      tzinfo (~> 0.3.37)
    angular-rails-templates (0.0.7)
      railties (>= 3.1)
      sprockets
    arel (4.0.2)
    bootstrap-sass (3.1.1.1)
      sass (~> 3.2)
    builder (3.1.4)
    coderay (1.1.0)
    diff-lcs (1.2.5)
    erubis (2.7.0)
    execjs (2.0.2)
    font-awesome-rails (4.0.3.1)
      railties (>= 3.2, < 5.0)
    haml (4.0.5)
      tilt
    haml-rails (0.5.3)
      actionpack (>= 4.0.1)
      activesupport (>= 4.0.1)
      haml (>= 3.1, < 5.0)
      railties (>= 4.0.1)
    hike (1.2.3)
    i18n (0.6.9)
    jbuilder (1.5.3)
      activesupport (>= 3.0.0)
      multi_json (>= 1.2.0)
    jquery-rails (3.1.0)
      railties (>= 3.0, < 5.0)
      thor (>= 0.14, < 2.0)
    json (1.8.1)
    kgio (2.9.2)
    mail (2.5.4)
      mime-types (~> 1.16)
      treetop (~> 1.4.8)
    method_source (0.8.2)
    mime-types (1.25.1)
    minitest (4.7.5)
    multi_json (1.9.2)
    pg (0.17.1)
    polyglot (0.3.4)
    pry (0.9.12.6)
      coderay (~> 1.0)
      method_source (~> 0.8)
      slop (~> 3.4)
    rack (1.5.2)
    rack-test (0.6.2)
      rack (>= 1.0)
    rails (4.0.4)
      actionmailer (= 4.0.4)
      actionpack (= 4.0.4)
      activerecord (= 4.0.4)
      activesupport (= 4.0.4)
      bundler (>= 1.3.0, < 2.0)
      railties (= 4.0.4)
      sprockets-rails (~> 2.0.0)
    rails-assets (0.5.2)
      haml-rails
      rails (>= 3.1.0)
      sass-rails
      sprockets
    rails-assets-angular (1.2.16)
    rails-assets-angular-resource (1.2.16)
      rails-assets-angular (= 1.2.16)
    rails-assets-angular-route (1.2.16)
      rails-assets-angular (= 1.2.16)
    rails-assets-angular-sanitize (1.2.16)
      rails-assets-angular (= 1.2.16)
    rails-assets-angular-ui-router (0.2.10)
      rails-assets-angular (>= 1.0.8)
    rails-assets-angular-ui-select2 (0.0.5)
      rails-assets-angular (>= 1.2.0)
      rails-assets-jquery (>= 1.6.4)
      rails-assets-select2 (~> 3.4)
    rails-assets-bootstrap (3.1.1)
      rails-assets-jquery (>= 1.9.0)
    rails-assets-bootstrap3-datetimepicker (3.0.0)
      rails-assets-bootstrap (>= 3.0)
      rails-assets-jquery (>= 1.8.3)
      rails-assets-moment (>= 2.4.0)
    rails-assets-jquery (2.1.0)
    rails-assets-moment (2.6.0)
    rails-assets-select2 (3.4.6)
      rails-assets-jquery (>= 1.7.1)
    rails-assets-select2-bootstrap-css (1.3.0)
    rails-assets-underscore (1.6.0)
    rails_12factor (0.0.2)
      rails_serve_static_assets
      rails_stdout_logging
    rails_serve_static_assets (0.0.2)
    rails_stdout_logging (0.0.3)
    railties (4.0.4)
      actionpack (= 4.0.4)
      activesupport (= 4.0.4)
      rake (>= 0.8.7)
      thor (>= 0.18.1, < 2.0)
    raindrops (0.13.0)
    rake (10.3.1)
    rspec-collection_matchers (0.0.3)
      rspec-expectations (>= 2.99.0.beta1)
    rspec-core (3.0.0.beta2)
      rspec-support (= 3.0.0.beta2)
    rspec-expectations (3.0.0.beta2)
      diff-lcs (>= 1.2.0, < 2.0)
      rspec-support (= 3.0.0.beta2)
    rspec-mocks (3.0.0.beta2)
      rspec-support (= 3.0.0.beta2)
    rspec-rails (3.0.0.beta2)
      actionpack (>= 3.0)
      activemodel (>= 3.0)
      activesupport (>= 3.0)
      railties (>= 3.0)
      rspec-collection_matchers
      rspec-core (= 3.0.0.beta2)
      rspec-expectations (= 3.0.0.beta2)
      rspec-mocks (= 3.0.0.beta2)
      rspec-support (= 3.0.0.beta2)
    rspec-support (3.0.0.beta2)
    sass (3.2.19)
    sass-rails (4.0.3)
      railties (>= 4.0.0, < 5.0)
      sass (~> 3.2.0)
      sprockets (~> 2.8, <= 2.11.0)
      sprockets-rails (~> 2.0)
    slop (3.5.0)
    sprockets (2.11.0)
      hike (~> 1.2)
      multi_json (~> 1.0)
      rack (~> 1.0)
      tilt (~> 1.1, != 1.3.0)
    sprockets-rails (2.0.1)
      actionpack (>= 3.0)
      activesupport (>= 3.0)
      sprockets (~> 2.8)
    thor (0.19.1)
    thread_safe (0.3.3)
    tilt (1.4.1)
    treetop (1.4.15)
      polyglot
      polyglot (>= 0.3.1)
    tzinfo (0.3.39)
    uglifier (2.5.0)
      execjs (>= 0.3.0)
      json (>= 1.8.0)
    unicorn (4.8.2)
      kgio (~> 2.6)
      rack
      raindrops (~> 0.7)
    yajl-ruby (1.2.0)

PLATFORMS
  ruby

DEPENDENCIES
  jbuilder (~> 1.2)
  jquery-rails
  pdr_client!
  pg
  pry
  rails (= 4.0.4)
  rails_12factor
  rspec-rails (~> 3.0.0.beta)
  sass-rails (~> 4.0.2)
  uglifier (>= 1.3.0)
  unicorn
  yajl-ruby
